PATH
  remote: .
  specs:
    carstens-butler (0.1.0)
      http
      octokit (>= 4.25.0)
      sinatra (>= 4.1)
      sinatra-contrib
      thin

GEM
  remote: https://rubygems.org/
  specs:
    activesupport (8.0.0)
      base64
      benchmark (>= 0.3)
      bigdecimal
      concurrent-ruby (~> 1.0, >= 1.3.1)
      connection_pool (>= 2.2.5)
      drb
      i18n (>= 1.6, < 2)
      logger (>= 1.4.2)
      minitest (>= 5.1)
      securerandom (>= 0.3)
      tzinfo (~> 2.0, >= 2.0.5)
      uri (>= 0.13.1)
    addressable (2.8.7)
      public_suffix (>= 2.0.2, < 7.0)
    async (2.21.0)
      console (~> 1.29)
      fiber-annotation
      io-event (~> 1.6, >= 1.6.5)
    async-http (0.84.0)
      async (>= 2.10.2)
      async-pool (~> 0.9)
      io-endpoint (~> 0.14)
      io-stream (~> 0.6)
      metrics (~> 0.12)
      protocol-http (~> 0.43)
      protocol-http1 (>= 0.28.1)
      protocol-http2 (~> 0.19)
      traces (~> 0.10)
    async-http-faraday (0.19.0)
      async-http (~> 0.42)
      faraday
    async-pool (0.10.2)
      async (>= 1.25)
      traces
    base64 (0.2.0)
    benchmark (0.4.0)
    bigdecimal (3.1.8)
    coderay (1.1.3)
    concurrent-ruby (1.3.4)
    connection_pool (2.4.1)
    console (1.29.0)
      fiber-annotation
      fiber-local (~> 1.1)
      json
    daemons (1.4.1)
    diff-lcs (1.6.2)
    domain_name (0.6.20240107)
    drb (2.2.1)
    eventmachine (1.2.7)
    faraday (2.12.1)
      faraday-net_http (>= 2.0, < 3.5)
      json
      logger
    faraday-http-cache (2.5.1)
      faraday (>= 0.8)
    faraday-net_http (3.4.0)
      net-http (>= 0.5.0)
    ffi (1.17.0)
    ffi-compiler (1.3.2)
      ffi (>= 1.15.5)
      rake
    fiber-annotation (0.2.0)
    fiber-local (1.1.0)
      fiber-storage
    fiber-storage (1.0.0)
    github_changelog_generator (1.16.4)
      activesupport
      async (>= 1.25.0)
      async-http-faraday
      faraday-http-cache
      multi_json
      octokit (~> 4.6)
      rainbow (>= 2.2.1)
      rake (>= 10.0)
    http (5.2.0)
      addressable (~> 2.8)
      base64 (~> 0.1)
      http-cookie (~> 1.0)
      http-form_data (~> 2.2)
      llhttp-ffi (~> 0.5.0)
    http-cookie (1.0.7)
      domain_name (~> 0.5)
    http-form_data (2.3.0)
    i18n (1.14.6)
      concurrent-ruby (~> 1.0)
    io-endpoint (0.14.0)
    io-event (1.7.4)
    io-stream (0.6.1)
    json (2.8.2)
    llhttp-ffi (0.5.0)
      ffi-compiler (~> 1.0)
      rake (~> 13.0)
    logger (1.6.1)
    method_source (1.1.0)
    metrics (0.12.1)
    minitest (5.25.2)
    multi_json (1.15.0)
    mustermann (3.0.3)
      ruby2_keywords (~> 0.0.1)
    net-http (0.5.0)
      uri
    octokit (4.25.1)
      faraday (>= 1, < 3)
      sawyer (~> 0.9)
    protocol-hpack (1.5.1)
    protocol-http (0.45.0)
    protocol-http1 (0.28.1)
      protocol-http (~> 0.22)
    protocol-http2 (0.20.0)
      protocol-hpack (~> 1.4)
      protocol-http (~> 0.18)
    pry (0.15.2)
      coderay (~> 1.1)
      method_source (~> 1.0)
    public_suffix (6.0.1)
    rack (3.1.14)
    rack-protection (4.1.1)
      base64 (>= 0.1.0)
      logger (>= 1.6.0)
      rack (>= 3.0.0, < 4)
    rack-session (2.1.1)
      base64 (>= 0.1.0)
      rack (>= 3.0.0)
    rainbow (3.1.1)
    rake (13.3.0)
    rspec (3.13.1)
      rspec-core (~> 3.13.0)
      rspec-expectations (~> 3.13.0)
      rspec-mocks (~> 3.13.0)
    rspec-core (3.13.4)
      rspec-support (~> 3.13.0)
    rspec-expectations (3.13.5)
      diff-lcs (>= 1.2.0, < 2.0)
      rspec-support (~> 3.13.0)
    rspec-mocks (3.13.5)
      diff-lcs (>= 1.2.0, < 2.0)
      rspec-support (~> 3.13.0)
    rspec-support (3.13.4)
    ruby2_keywords (0.0.5)
    sawyer (0.9.2)
      addressable (>= 2.3.5)
      faraday (>= 0.17.3, < 3)
    securerandom (0.3.2)
    sinatra (4.1.1)
      logger (>= 1.6.0)
      mustermann (~> 3.0)
      rack (>= 3.0.0, < 4)
      rack-protection (= 4.1.1)
      rack-session (>= 2.0.0, < 3)
      tilt (~> 2.0)
    sinatra-contrib (4.1.1)
      multi_json (>= 0.0.2)
      mustermann (~> 3.0)
      rack-protection (= 4.1.1)
      sinatra (= 4.1.1)
      tilt (~> 2.0)
    thin (1.6.2)
      daemons (>= 1.0.9)
      eventmachine (>= 1.0.0)
      rack (>= 1.0.0)
    tilt (2.4.0)
    traces (0.14.1)
    tzinfo (2.0.6)
      concurrent-ruby (~> 1.0)
    uri (1.0.3)

PLATFORMS
  ruby

DEPENDENCIES
  carstens-butler!
  github_changelog_generator
  pry
  rake (~> 13.3)
  rspec (~> 3.13)

BUNDLED WITH
   2.5.11
